GEM
  remote: https://rubygems.org/
  specs:
    json (1.8.3)
    mustache (1.0.3)
    thor (0.19.4)
    tomlrb (1.2.3)

PLATFORMS
  ruby

DEPENDENCIES
  json
  mustache
  thor
  tomlrb

BUNDLED WITH
   1.13.7
