GEM
  remote: https://rubygems.org/
  specs:
    addressable (2.5.0)
      public_suffix (~> 2.0, >= 2.0.2)
    json (1.8.3)
    json-schema (2.7.0)
      addressable (>= 2.4)
    mustache (1.0.3)
    public_suffix (2.0.5)
    thor (0.19.4)
    tomlrb (1.2.3)

PLATFORMS
  ruby

DEPENDENCIES
  json
  json-schema
  mustache
  thor
  tomlrb

BUNDLED WITH
   1.13.7
